GEM
  remote: http://rubygems.org/
  specs:
    activemodel (3.2.3)
      activesupport (= 3.2.3)
      builder (~> 3.0.0)
    activesupport (3.2.3)
      i18n (~> 0.6)
      multi_json (~> 1.0)
    builder (3.0.0)
    chronic (0.6.7)
    ffi (1.0.11)
    i18n (0.6.0)
    listen (0.4.1)
      rb-fchange (~> 0.0.5)
      rb-fsevent (~> 0.9.1)
      rb-inotify (~> 0.8.8)
    multi_json (1.3.2)
    rainbow (1.1.3)
    rb-fchange (0.0.5)
      ffi
    rb-fsevent (0.9.1)
    rb-inotify (0.8.8)
      ffi (>= 0.5.0)
    thor (0.14.6)
    whenever (0.7.3)
      activesupport (>= 2.3.4)
      chronic (~> 0.6.3)

PLATFORMS
  ruby

DEPENDENCIES
  activemodel (~> 3.2.0)
  activesupport (~> 3.2.0)
  listen
  rainbow
  rb-fsevent
  rb-inotify
  thor
  whenever
