PATH
  remote: .
  specs:
    gina-conveyor (0.0.2)
      activemodel (~> 3.2.0)
      activesupport (~> 3.2.0)
      em-websocket (~> 0.3.6)
      eventmachine (~> 0.12.10)
      listen (~> 0.4.2)
      rainbow (~> 1.1.4)
      rb-readline (~> 0.4.2)

GEM
  remote: http://rubygems.org/
  specs:
    activemodel (3.2.3)
      activesupport (= 3.2.3)
      builder (~> 3.0.0)
    activesupport (3.2.3)
      i18n (~> 0.6)
      multi_json (~> 1.0)
    addressable (2.2.8)
    builder (3.0.0)
    em-websocket (0.3.6)
      addressable (>= 2.1.1)
      eventmachine (>= 0.12.9)
    eventmachine (0.12.10)
    ffi (1.0.11)
    i18n (0.6.0)
    listen (0.4.2)
      rb-fchange (~> 0.0.5)
      rb-fsevent (~> 0.9.1)
      rb-inotify (~> 0.8.8)
    multi_json (1.3.5)
    rainbow (1.1.4)
    rb-fchange (0.0.5)
      ffi
    rb-fsevent (0.9.1)
    rb-inotify (0.8.8)
      ffi (>= 0.5.0)
    rb-readline (0.4.2)

PLATFORMS
  ruby

DEPENDENCIES
  gina-conveyor!
