GEM
  remote: http://rubygems.org/
  specs:
    activemodel (3.2.2)
      activesupport (= 3.2.2)
      builder (~> 3.0.0)
    activesupport (3.2.2)
      i18n (~> 0.6)
      multi_json (~> 1.0)
    builder (3.0.0)
    chronic (0.6.7)
    fssm (0.2.8.1)
    i18n (0.6.0)
    multi_json (1.1.0)
    thor (0.14.6)
    whenever (0.7.3)
      activesupport (>= 2.3.4)
      chronic (~> 0.6.3)

PLATFORMS
  ruby

DEPENDENCIES
  activemodel (~> 3.2.0)
  fssm
  thor
  whenever
